PATH
  remote: ../rulers
  specs:
    rulers (0.0.2)
      rack

GEM
  remote: http://rubygems.org/
  specs:
    rack (2.0.1)

PLATFORMS
  ruby

DEPENDENCIES
  rulers!

BUNDLED WITH
   1.14.6
