PATH
  remote: ../rulers
  specs:
    rulers (0.0.2)
      erubis
      rack (~> 1.6.5)

GEM
  remote: http://rubygems.org/
  specs:
    erubis (2.7.0)
    rack (1.6.5)

PLATFORMS
  ruby

DEPENDENCIES
  rulers!

BUNDLED WITH
   1.14.6
